GIT
  remote: https://github.com/sinisterchipmunk/cglm-ruby
  revision: e18c2a19f7cde0ad2f450ef7991b824ae13ce78e
  specs:
    cglm (0.1.0)

GIT
  remote: https://github.com/sinisterchipmunk/fiddle
  revision: 94dbbaf07b1fb400aebbf1deca9cee302fe80e30
  branch: nested-structs
  specs:
    fiddle (1.0.0)

GIT
  remote: https://github.com/sinisterchipmunk/sdl2_vulkan
  revision: 191a632d0e57d130526ce94071c0df0d2925e4e7
  specs:
    sdl2_vulkan (0.1.0)
      ruby-sdl2 (~> 0.3)

GIT
  remote: https://github.com/sinisterchipmunk/tinyobj-ruby
  revision: 32de9a313de03bf3e35347ea86a1fe8bd2f22cd2
  specs:
    tiny_obj (0.1.0)

PATH
  remote: .
  specs:
    vulkan-ruby (0.1.0)

GEM
  remote: https://rubygems.org/
  specs:
    chunky_png (1.3.10)
    docile (1.3.1)
    json (2.1.0)
    mini_portile2 (2.3.0)
    minitest (5.11.3)
    nokogiri (1.8.4)
      mini_portile2 (~> 2.3.0)
    oily_png (1.2.1)
      chunky_png (~> 1.3.7)
    rake (10.5.0)
    ruby-sdl2 (0.3.4)
    simplecov (0.16.1)
      docile (~> 1.1)
      json (>= 1.8, < 3)
      simplecov-html (~> 0.10.0)
    simplecov-html (0.10.2)

PLATFORMS
  ruby

DEPENDENCIES
  bundler
  cglm!
  chunky_png (~> 1.3)
  fiddle!
  minitest (~> 5.0)
  nokogiri (~> 1.8)
  oily_png (~> 1.2)
  rake (~> 10.0)
  sdl2_vulkan!
  simplecov (~> 0.16)
  tiny_obj!
  vulkan-ruby!

BUNDLED WITH
   2.0.0.pre.1
